GEM
  remote: https://rubygems.org/
  specs:
    rack (1.6.12)
    rack-protection (1.5.5)
      rack
    recurly (2.17.11)
    sinatra (1.4.8)
      rack (~> 1.5)
      rack-protection (~> 1.4)
      tilt (>= 1.3, < 3)
    tilt (2.0.8)

PLATFORMS
  ruby

DEPENDENCIES
  recurly (= 2.17.11)
  sinatra (>= 1.4.7, < 1.5)

BUNDLED WITH
   1.17.2
