GEM
  remote: https://rubygems.org/
  specs:
    mini_portile2 (2.1.0)
    nokogiri (1.6.8.1)
      mini_portile2 (~> 2.1.0)
    rack (1.6.11)
    rack-protection (1.5.5)
      rack
    recurly (2.7.9)
      nokogiri (~> 1.6.0)
    sinatra (1.4.8)
      rack (~> 1.5)
      rack-protection (~> 1.4)
      tilt (>= 1.3, < 3)
    tilt (2.0.8)

PLATFORMS
  ruby

DEPENDENCIES
  recurly (>= 2.7.8, < 2.8)
  sinatra (>= 1.4.7, < 1.5)

BUNDLED WITH
   1.16.4
