GEM
  remote: https://rubygems.org/
  specs:
    rack (1.4.5)
    rack-protection (1.5.2)
      rack
    recurly (2.3.1)
    sinatra (1.4.4)
      rack (~> 1.4)
      rack-protection (~> 1.4)
      tilt (~> 1.3, >= 1.3.4)
    tilt (1.4.1)

PLATFORMS
  ruby

DEPENDENCIES
  recurly
  sinatra
